GIT
  remote: https://github.com/Shopify/tapioca.git
  revision: a4319794491b54d9db1c06df7f3bdffcdf7bf684
  specs:
    tapioca (0.11.4)
      bundler (>= 2.2.25)
      netrc (>= 0.11.0)
      parallel (>= 1.21.0)
      rbi (~> 0.0.0, >= 0.0.16)
      sorbet-static-and-runtime (>= 0.5.10187)
      spoom (~> 1.2.0, >= 1.2.0)
      thor (>= 1.2.0)
      yard-sorbet

GEM
  remote: http://rubygems.org/
  specs:
    actionpack (7.0.5.1)
      actionview (= 7.0.5.1)
      activesupport (= 7.0.5.1)
      rack (~> 2.0, >= 2.2.4)
      rack-test (>= 0.6.3)
      rails-dom-testing (~> 2.0)
      rails-html-sanitizer (~> 1.0, >= 1.2.0)
    actionview (7.0.5.1)
      activesupport (= 7.0.5.1)
      builder (~> 3.1)
      erubi (~> 1.4)
      rails-dom-testing (~> 2.0)
      rails-html-sanitizer (~> 1.1, >= 1.2.0)
    activemodel (7.0.5.1)
      activesupport (= 7.0.5.1)
    activerecord (7.0.5.1)
      activemodel (= 7.0.5.1)
      activesupport (= 7.0.5.1)
    activesupport (7.0.5.1)
      concurrent-ruby (~> 1.0, >= 1.0.2)
      i18n (>= 1.6, < 2)
      minitest (>= 5.1)
      tzinfo (~> 2.0)
    addressable (2.4.0)
    ancestry (4.3.2)
      activerecord (>= 5.2.6)
    appraisal (2.4.1)
      bundler
      rake
      thor (>= 0.14.0)
    ast (2.4.2)
    builder (3.2.4)
    coderay (1.1.3)
    commander (4.6.0)
      highline (~> 2.0.0)
    concurrent-ruby (1.2.2)
    coveralls_reborn (0.27.0)
      simplecov (~> 0.22.0)
      term-ansicolor (~> 1.7)
      thor (~> 1.2)
      tins (~> 1.32)
    crass (1.0.6)
    descendants_tracker (0.0.4)
      thread_safe (~> 0.3, >= 0.3.1)
    diff-lcs (1.5.0)
    docile (1.4.0)
    erubi (1.12.0)
    faraday (0.9.2)
      multipart-post (>= 1.2, < 3)
    git (1.11.0)
      rchardet (~> 1.8)
    github_api (0.16.0)
      addressable (~> 2.4.0)
      descendants_tracker (~> 0.0.4)
      faraday (~> 0.8, < 0.10)
      hashie (>= 3.4)
      mime-types (>= 1.16, < 3.0)
      oauth2 (~> 1.0)
    hashie (5.0.0)
    highline (2.0.3)
    i18n (1.14.1)
      concurrent-ruby (~> 1.0)
    jeweler (2.3.9)
      builder
      bundler
      git (>= 1.2.5)
      github_api (~> 0.16.0)
      highline (>= 1.6.15)
      nokogiri (>= 1.5.10)
      psych
      rake
      rdoc
      semver2
    json (2.6.3)
    jwt (2.5.0)
    loofah (2.21.3)
      crass (~> 1.0.2)
      nokogiri (>= 1.12.0)
    method_source (1.0.0)
    mime-types (2.99.3)
    minitest (5.18.1)
    multi_json (1.15.0)
    multi_xml (0.6.0)
    multipart-post (2.2.3)
    netrc (0.11.0)
    nokogiri (1.15.2-x86_64-darwin)
      racc (~> 1.4)
    nokogiri (1.15.2-x86_64-linux)
      racc (~> 1.4)
    oauth2 (1.4.8)
      faraday (>= 0.8, < 3.0)
      jwt (>= 1.0, < 3.0)
      multi_json (~> 1.3)
      multi_xml (~> 0.5)
      rack (>= 1.2, < 3)
    parallel (1.22.1)
    parlour (5.0.0)
      commander (~> 4.5)
      parser
      rainbow (~> 3.0)
      sorbet-runtime (>= 0.5)
    parser (3.2.2.0)
      ast (~> 2.4.1)
    pg (1.4.6)
    polyfill (1.9.0)
    pry (0.14.2)
      coderay (~> 1.1)
      method_source (~> 1.0)
    psych (4.0.6)
      stringio
    racc (1.7.1)
    rack (2.2.7)
    rack-test (2.1.0)
      rack (>= 1.3)
    rails-dom-testing (2.0.3)
      activesupport (>= 4.2.0)
      nokogiri (>= 1.6)
    rails-html-sanitizer (1.6.0)
      loofah (~> 2.21)
      nokogiri (~> 1.14)
    railties (7.0.5.1)
      actionpack (= 7.0.5.1)
      activesupport (= 7.0.5.1)
      method_source
      rake (>= 12.2)
      thor (~> 1.0)
      zeitwerk (~> 2.5)
    rainbow (3.1.1)
    rake (13.0.6)
    rbi (0.0.16)
      ast
      parser (>= 2.6.4.0)
      sorbet-runtime (>= 0.5.9204)
      unparser
    rbs (2.8.0)
    rchardet (1.8.0)
    rdoc (6.5.0)
      psych (>= 4.0.0)
    regexp_parser (2.7.0)
    rexml (3.2.5)
    rspec (3.12.0)
      rspec-core (~> 3.12.0)
      rspec-expectations (~> 3.12.0)
      rspec-mocks (~> 3.12.0)
    rspec-core (3.12.0)
      rspec-support (~> 3.12.0)
    rspec-expectations (3.12.0)
      diff-lcs (>= 1.2.0, < 2.0)
      rspec-support (~> 3.12.0)
    rspec-mocks (3.12.0)
      diff-lcs (>= 1.2.0, < 2.0)
      rspec-support (~> 3.12.0)
    rspec-support (3.12.0)
    rubocop (1.49.0)
      json (~> 2.3)
      parallel (~> 1.10)
      parser (>= 3.2.0.0)
      rainbow (>= 2.2.2, < 4.0)
      regexp_parser (>= 1.8, < 3.0)
      rexml (>= 3.2.5, < 4.0)
      rubocop-ast (>= 1.28.0, < 2.0)
      ruby-progressbar (~> 1.7)
      unicode-display_width (>= 2.4.0, < 3.0)
    rubocop-ast (1.28.0)
      parser (>= 3.2.1.0)
    rubocop-sorbet (0.7.0)
      rubocop (>= 0.90.0)
    ruby-progressbar (1.13.0)
    safe_type (1.1.1)
    semver2 (3.4.2)
    simplecov (0.22.0)
      docile (~> 1.1)
      simplecov-html (~> 0.11)
      simplecov_json_formatter (~> 0.1)
    simplecov-html (0.12.3)
    simplecov_json_formatter (0.1.4)
    sorbet (0.5.10751)
      sorbet-static (= 0.5.10751)
    sorbet-coerce (0.7.0)
      polyfill (~> 1.8)
      safe_type (~> 1.1, >= 1.1.1)
      sorbet-runtime (>= 0.4.4704)
    sorbet-rails (0.7.34)
      method_source (>= 0.9.2)
      parlour (>= 4.0.1)
      parser (>= 2.7)
      sorbet-coerce (>= 0.2.6)
      sorbet-runtime (>= 0.5.9892)
    sorbet-runtime (0.5.10751)
    sorbet-static (0.5.10751-universal-darwin-19)
    sorbet-static (0.5.10751-universal-darwin-21)
    sorbet-static (0.5.10751-x86_64-linux)
    sorbet-static-and-runtime (0.5.10751)
      sorbet (= 0.5.10751)
      sorbet-runtime (= 0.5.10751)
    sord (5.0.0)
      commander (~> 4.5)
      parlour (~> 5.0)
      rbs (~> 2.0)
      sorbet-runtime
      yard
    spoom (1.2.1)
      sorbet (>= 0.5.10187)
      sorbet-runtime (>= 0.5.9204)
      thor (>= 0.19.2)
    sqlite3 (1.6.2-x86_64-darwin)
    sqlite3 (1.6.2-x86_64-linux)
    stringio (3.0.2)
    sync (0.5.0)
    term-ansicolor (1.7.1)
      tins (~> 1.0)
    thor (1.2.2)
    thread_safe (0.3.6)
    timecop (0.9.6)
    tins (1.32.1)
      sync
    tzinfo (2.0.6)
      concurrent-ruby (~> 1.0)
    unicode-display_width (2.4.2)
    unparser (0.6.7)
      diff-lcs (~> 1.3)
      parser (>= 3.2.0)
    webrick (1.7.0)
    yard (0.9.28)
      webrick (~> 1.7.0)
    yard-sorbet (0.8.1)
      sorbet-runtime (>= 0.5)
      yard (>= 0.9)
    zeitwerk (2.6.8)

PLATFORMS
  x86_64-darwin-19
  x86_64-darwin-21
  x86_64-linux

DEPENDENCIES
  activerecord
  activesupport
  ancestry
  appraisal
  coveralls_reborn
  jeweler
  pg
  pry
  railties
  rspec
  rubocop
  rubocop-sorbet
  sorbet-rails
  sorbet-static-and-runtime
  sord
  sqlite3
  tapioca!
  timecop
  unparser
  yard

BUNDLED WITH
   2.2.30
